PATH
  remote: .
  specs:
    chimplate (0.0.1)
      json
      mailchimp
      thor

GEM
  remote: https://rubygems.org/
  specs:
    httparty (0.11.0)
      multi_json (~> 1.0)
      multi_xml (>= 0.5.2)
    json (1.7.7)
    mailchimp (0.0.8)
      httparty
    multi_json (1.7.2)
    multi_xml (0.5.3)
    thor (0.18.1)

PLATFORMS
  ruby

DEPENDENCIES
  chimplate!
  json
  mailchimp
  thor
