PATH
  remote: .
  specs:
    chimplate (0.0.2)
      diffy
      json
      listen
      mailchimp
      thor

GEM
  remote: https://rubygems.org/
  specs:
    diffy (2.1.4)
    httparty (0.11.0)
      multi_json (~> 1.0)
      multi_xml (>= 0.5.2)
    json (1.7.7)
    listen (0.7.3)
    mailchimp (0.0.8)
      httparty
    multi_json (1.7.2)
    multi_xml (0.5.3)
    thor (0.18.1)

PLATFORMS
  ruby

DEPENDENCIES
  chimplate!
